GEM
  remote: https://rubygems.org/
  specs:
    addressable (2.4.0)
    ast (2.4.0)
    aws-sdk (2.3.22)
      aws-sdk-resources (= 2.3.22)
    aws-sdk-core (2.3.22)
      jmespath (~> 1.0)
    aws-sdk-resources (2.3.22)
      aws-sdk-core (= 2.3.22)
    cf-uaa-lib (3.11.0)
      httpclient (~> 2.8, >= 2.8.2.4)
      multi_json (~> 1.12.0, >= 1.12.1)
    cf-uaac (4.2.0)
      cf-uaa-lib (~> 3.11)
      em-http-request (~> 1.1, >= 1.1.2)
      eventmachine (~> 1.0, >= 1.0.3)
      highline (~> 1.6, >= 1.6.21)
      json_pure (~> 1.8, >= 1.8.1)
      launchy (~> 2.4, >= 2.4.2)
      rack (~> 1.5, >= 1.5.2)
    colorize (0.8.1)
    cookiejar (0.3.3)
    crack (0.4.3)
      safe_yaml (~> 1.0.0)
    diff-lcs (1.2.5)
    docile (1.3.2)
    domain_name (0.5.20190701)
      unf (>= 0.0.5, < 1.0.0)
    em-http-request (1.1.5)
      addressable (>= 2.3.4)
      cookiejar (!= 0.3.1)
      em-socksify (>= 0.3)
      eventmachine (>= 1.0.3)
      http_parser.rb (>= 0.6.0)
    em-socksify (0.3.2)
      eventmachine (>= 1.0.0.beta.4)
    eventmachine (1.2.7)
    ffi (1.9.25)
    github_merge_sign (1.0.0)
    govuk-lint (3.8.0)
      rubocop (~> 0.52.0)
      rubocop-rspec (~> 1.19.0)
      scss_lint
    hashdiff (1.0.0)
    hcl-checker (1.1.1)
    highline (1.7.10)
    http-accept (1.7.0)
    http-cookie (1.0.3)
      domain_name (~> 0.5)
    http_parser.rb (0.6.0)
    httpclient (2.8.3)
    jmespath (1.3.1)
    json (2.0.1)
    json-minify (0.0.2)
      json (> 0)
    json_pure (1.8.6)
    launchy (2.4.3)
      addressable (~> 2.3)
    mail (2.6.6)
      mime-types (>= 1.16, < 4)
    mime-types (3.1)
      mime-types-data (~> 3.2015)
    mime-types-data (3.2016.0521)
    multi_json (1.12.2)
    netrc (0.11.0)
    parallel (1.12.1)
    parser (2.5.1.0)
      ast (~> 2.4.0)
    powerpack (0.1.1)
    rack (1.6.11)
    rainbow (3.0.0)
    rake (12.3.1)
    rb-fsevent (0.10.3)
    rb-inotify (0.9.10)
      ffi (>= 0.5.0, < 2)
    rest-client (2.1.0)
      http-accept (>= 1.7.0, < 2.0)
      http-cookie (>= 1.0.2, < 2.0)
      mime-types (>= 1.16, < 4.0)
      netrc (~> 0.8)
    rspec (3.4.0)
      rspec-core (~> 3.4.0)
      rspec-expectations (~> 3.4.0)
      rspec-mocks (~> 3.4.0)
    rspec-core (3.4.1)
      rspec-support (~> 3.4.0)
    rspec-expectations (3.4.0)
      diff-lcs (>= 1.2.0, < 2.0)
      rspec-support (~> 3.4.0)
    rspec-mocks (3.4.0)
      diff-lcs (>= 1.2.0, < 2.0)
      rspec-support (~> 3.4.0)
    rspec-support (3.4.1)
    rubocop (0.52.1)
      parallel (~> 1.10)
      parser (>= 2.4.0.2, < 3.0)
      powerpack (~> 0.1)
      rainbow (>= 2.2.2, < 4.0)
      ruby-progressbar (~> 1.7)
      unicode-display_width (~> 1.0, >= 1.0.1)
    rubocop-rspec (1.19.0)
      rubocop (>= 0.51.0)
    ruby-progressbar (1.9.0)
    safe_yaml (1.0.5)
    sass (3.5.6)
      sass-listen (~> 4.0.0)
    sass-listen (4.0.0)
      rb-fsevent (~> 0.9, >= 0.9.4)
      rb-inotify (~> 0.9, >= 0.9.7)
    scss_lint (0.57.0)
      rake (>= 0.9, < 13)
      sass (~> 3.5.5)
    simplecov (0.17.1)
      docile (~> 1.1)
      json (>= 1.8, < 3)
      simplecov-html (~> 0.10.0)
    simplecov-html (0.10.2)
    unf (0.1.4)
      unf_ext
    unf_ext (0.0.7.6)
    unicode-display_width (1.3.2)
    webmock (2.3.2)
      addressable (>= 2.3.6)
      crack (>= 0.3.2)
      hashdiff

PLATFORMS
  ruby

DEPENDENCIES
  aws-sdk (~> 2.3.8)
  cf-uaa-lib (~> 3.11.0)
  cf-uaac (~> 4.2.0)
  colorize (~> 0.8.1)
  github_merge_sign (= 1.0.0)
  govuk-lint (~> 3.8.0)
  hcl-checker (~> 1.1.1)
  json-minify (~> 0.0.2)
  mail (~> 2.6.4)
  rest-client (~> 2.1.0)
  rspec (~> 3.3)
  rubocop (~> 0.52.1)
  simplecov
  webmock (~> 2.3.1)

BUNDLED WITH
   1.17.3
